GEM
  remote: https://rubygems.org/
  specs:
    htmlentities (4.3.4)

PLATFORMS
  ruby

DEPENDENCIES
  htmlentities (= 4.3.4)

BUNDLED WITH
   1.17.3
