GEM
  remote: https://rubygems.org/
  specs:
    htmlentities (4.3.4)
    mini_portile2 (2.3.0)
    nokogiri (1.8.2)
      mini_portile2 (~> 2.3.0)

PLATFORMS
  ruby

DEPENDENCIES
  htmlentities (= 4.3.4)
  nokogiri (= 1.8.2)

BUNDLED WITH
   1.15.3
